PATH
  remote: .
  specs:
    fakeldap (0.0.1)

GEM
  remote: https://rubygems.org/
  specs:
    diff-lcs (1.2.5)
    net-ldap (0.3.1)
    rake (10.1.0)
    rspec (2.14.1)
      rspec-core (~> 2.14.0)
      rspec-expectations (~> 2.14.0)
      rspec-mocks (~> 2.14.0)
    rspec-core (2.14.7)
    rspec-expectations (2.14.4)
      diff-lcs (>= 1.1.3, < 2.0)
    rspec-mocks (2.14.4)
    ruby-ldapserver (0.5.0)

PLATFORMS
  ruby

DEPENDENCIES
  fakeldap!
  net-ldap
  rake
  rspec
  ruby-ldapserver
